PATH
  remote: .
  specs:
    tbar (1.0.0)
      highline (~> 1.7)
      monetize (~> 1.0)
      money (~> 6.11)
      pg (~> 1.0)
      sequel (~> 5.8)
      trollop (~> 2.1)

GEM
  remote: https://rubygems.org/
  specs:
    concurrent-ruby (1.0.5)
    docile (1.3.0)
    highline (1.7.10)
    i18n (1.0.1)
      concurrent-ruby (~> 1.0)
    json (2.1.0)
    minitest (5.11.3)
    monetize (1.8.0)
      money (~> 6.11.2)
    money (6.11.3)
      i18n (>= 0.6.4, < 1.1)
    pg (1.0.0)
    rake (12.3.1)
    rdoc (6.0.4)
    sequel (5.8.0)
    simplecov (0.16.1)
      docile (~> 1.1)
      json (>= 1.8, < 3)
      simplecov-html (~> 0.10.0)
    simplecov-html (0.10.2)
    trollop (2.1.2)

PLATFORMS
  ruby

DEPENDENCIES
  minitest (~> 5.11)
  rake (~> 12.1)
  rdoc (~> 6.0)
  simplecov (~> 0.16)
  tbar!

BUNDLED WITH
   1.16.2
